GEM
  remote: https://rubygems.org/
  specs:
    CFPropertyList (2.2.8)
    blankslate (2.1.2.4)
    celluloid (0.16.0)
      timers (~> 4.0.0)
    classifier-reborn (2.0.1)
      fast-stemmer (~> 1.0)
    coffee-script (2.3.0)
      coffee-script-source
      execjs
    coffee-script-source (1.8.0)
    colorator (0.1)
    execjs (2.2.2)
    facter (2.4.1)
      CFPropertyList (~> 2.2.6)
    fast-stemmer (1.0.2)
    ffi (1.9.5)
    hiera (1.3.4)
      json_pure
    highline (1.7.1)
    hitimes (1.2.2)
    jekyll (2.4.0)
      classifier-reborn (~> 2.0)
      colorator (~> 0.1)
      jekyll-coffeescript (~> 1.0)
      jekyll-gist (~> 1.0)
      jekyll-paginate (~> 1.0)
      jekyll-sass-converter (~> 1.0)
      jekyll-watch (~> 1.1)
      kramdown (~> 1.3)
      liquid (~> 2.6.1)
      mercenary (~> 0.3.3)
      pygments.rb (~> 0.6.0)
      redcarpet (~> 3.1)
      safe_yaml (~> 1.0)
      toml (~> 0.1.0)
    jekyll-coffeescript (1.0.1)
      coffee-script (~> 2.2)
    jekyll-gist (1.1.0)
    jekyll-paginate (1.0.0)
    jekyll-sass-converter (1.2.1)
      sass (~> 3.2)
    jekyll-sitemap (0.6.0)
    jekyll-slim (0.8.2)
      jekyll (>= 0.10.0)
      slim
    jekyll-watch (1.1.1)
      listen (~> 2.7)
    json (1.8.2)
    json_pure (1.8.2)
    kramdown (1.4.2)
    librarian (0.1.2)
      highline
      thor (~> 0.15)
    librarian-puppet (1.0.9)
      json
      librarian (>= 0.1.2)
    liquid (2.6.1)
    listen (2.7.11)
      celluloid (>= 0.15.2)
      rb-fsevent (>= 0.9.3)
      rb-inotify (>= 0.9)
    mercenary (0.3.4)
    parslet (1.5.0)
      blankslate (~> 2.0)
    posix-spawn (0.3.9)
    puppet (3.7.4)
      facter (> 1.6, < 3)
      hiera (~> 1.0)
      json_pure
    puppet-lint (0.3.2)
    pygments.rb (0.6.0)
      posix-spawn (~> 0.3.6)
      yajl-ruby (~> 1.1.0)
    rack (1.6.0)
    rack-rewrite (1.5.1)
    rb-fsevent (0.9.4)
    rb-inotify (0.9.5)
      ffi (>= 0.5.0)
    rdiscount (2.1.7)
    redcarpet (3.1.2)
    safe_yaml (1.0.4)
    sass (3.4.10)
    slim (3.0.2)
      temple (~> 0.7.3)
      tilt (>= 1.3.3, < 2.1)
    temple (0.7.5)
    thor (0.19.1)
    tilt (2.0.1)
    timers (4.0.1)
      hitimes
    toml (0.1.1)
      parslet (~> 1.5.0)
    yajl-ruby (1.1.0)

PLATFORMS
  ruby

DEPENDENCIES
  jekyll (~> 2.4.0)
  jekyll-sitemap (~> 0.6.0)
  jekyll-slim (~> 0.8.0)
  librarian-puppet (~> 1.0.9)
  puppet (~> 3.7.1)
  puppet-lint (~> 0.3.2)
  rack (~> 1.6.0)
  rack-rewrite (~> 1.5.1)
  rdiscount (~> 2.1.7)
  slim (~> 3.0.0)
